GEM
  remote: http://rubygems.org/
  specs:
    diff-lcs (1.2.3)
    ffi (1.7.0)
    pi_piper (1.3.1)
      ffi
    rspec (2.13.0)
      rspec-core (~> 2.13.0)
      rspec-expectations (~> 2.13.0)
      rspec-mocks (~> 2.13.0)
    rspec-core (2.13.1)
    rspec-expectations (2.13.0)
      diff-lcs (>= 1.1.3, < 2.0)
    rspec-mocks (2.13.1)

PLATFORMS
  ruby

DEPENDENCIES
  pi_piper
  rspec
